GEM
  remote: https://rubygems.org/
  specs:
    nokogiri (1.11.7-x86_64-linux)
      racc (~> 1.4)
    open-uri (0.1.0)
    racc (1.5.2)

PLATFORMS
  x86_64-linux

DEPENDENCIES
  nokogiri (~> 1.11)
  open-uri (~> 0.1.0)

BUNDLED WITH
   2.2.17
